GEM
  remote: https://rubygems.org/
  remote: http://gems.github.com/
  specs:

PLATFORMS
  ruby

DEPENDENCIES
